PATH
  remote: .
  specs:
    stubhub (0.0.4)
      activesupport
      http (~> 0.4.0)
      httparty (~> 0.11.0)
      map (~> 6.5.1)

GEM
  remote: https://rubygems.org/
  specs:
    activesupport (3.2.13)
      i18n (= 0.6.1)
      multi_json (~> 1.0)
    addressable (2.3.3)
    certified (0.1.1)
    crack (0.3.2)
    diff-lcs (1.2.1)
    http (0.4.0)
      certified
      http_parser.rb
    http_parser.rb (0.5.3)
    httparty (0.11.0)
      multi_json (~> 1.0)
      multi_xml (>= 0.5.2)
    i18n (0.6.1)
    map (6.5.1)
    multi_json (1.7.3)
    multi_xml (0.5.3)
    rspec (2.13.0)
      rspec-core (~> 2.13.0)
      rspec-expectations (~> 2.13.0)
      rspec-mocks (~> 2.13.0)
    rspec-core (2.13.1)
    rspec-expectations (2.13.0)
      diff-lcs (>= 1.1.3, < 2.0)
    rspec-mocks (2.13.0)
    vcr (2.4.0)
    webmock (1.11.0)
      addressable (>= 2.2.7)
      crack (>= 0.3.2)

PLATFORMS
  ruby

DEPENDENCIES
  rspec
  stubhub!
  vcr
  webmock
